GEM
  remote: https://rubygems.org/
  specs:
    rake (12.3.3)
    tilt (2.0.5)

PLATFORMS
  ruby

DEPENDENCIES
  rake
  tilt

BUNDLED WITH
   1.13.5
